GEM
  remote: https://rubygems.org/
  specs:
    actionmailer (4.2.2)
      actionpack (= 4.2.2)
      actionview (= 4.2.2)
      activejob (= 4.2.2)
      mail (~> 2.5, >= 2.5.4)
      rails-dom-testing (~> 1.0, >= 1.0.5)
    actionpack (4.2.2)
      actionview (= 4.2.2)
      activesupport (= 4.2.2)
      rack (~> 1.6)
      rack-test (~> 0.6.2)
      rails-dom-testing (~> 1.0, >= 1.0.5)
      rails-html-sanitizer (~> 1.0, >= 1.0.1)
    actionview (4.2.2)
      activesupport (= 4.2.2)
      builder (~> 3.1)
      erubis (~> 2.7.0)
      rails-dom-testing (~> 1.0, >= 1.0.5)
      rails-html-sanitizer (~> 1.0, >= 1.0.1)
    activejob (4.2.2)
      activesupport (= 4.2.2)
      globalid (>= 0.3.0)
    activemodel (4.2.2)
      activesupport (= 4.2.2)
      builder (~> 3.1)
    activerecord (4.2.2)
      activemodel (= 4.2.2)
      activesupport (= 4.2.2)
      arel (~> 6.0)
    activesupport (4.2.2)
      i18n (~> 0.7)
      json (~> 1.7, >= 1.7.7)
      minitest (~> 5.1)
      thread_safe (~> 0.3, >= 0.3.4)
      tzinfo (~> 1.1)
    addressable (2.3.8)
    arel (6.0.0)
    builder (3.2.2)
    byebug (5.0.0)
      columnize (= 0.9.0)
    capybara (2.4.4)
      mime-types (>= 1.16)
      nokogiri (>= 1.3.3)
      rack (>= 1.0.0)
      rack-test (>= 0.5.4)
      xpath (~> 2.0)
    capybara-webkit (1.5.2)
      capybara (>= 2.3.0, < 2.5.0)
      json
    chartkick (1.3.2)
    coffee-rails (4.1.0)
      coffee-script (>= 2.2.0)
      railties (>= 4.0.0, < 5.0)
    coffee-script (2.4.1)
      coffee-script-source
      execjs
    coffee-script-source (1.9.1.1)
    columnize (0.9.0)
    crack (0.4.2)
      safe_yaml (~> 1.0.0)
    diff-lcs (1.2.5)
    easy_translate (0.5.0)
      json
      thread
      thread_safe
    erubis (2.7.0)
    execjs (2.5.2)
    faraday (0.9.1)
      multipart-post (>= 1.2, < 3)
    font-awesome-rails (4.3.0.0)
      railties (>= 3.2, < 5.0)
    foundation-rails (5.5.2.1)
      railties (>= 3.1.0)
      sass (>= 3.3.0, < 3.5)
    globalid (0.3.5)
      activesupport (>= 4.1.0)
    haml (4.0.6)
      tilt
    haml-rails (0.9.0)
      actionpack (>= 4.0.1)
      activesupport (>= 4.0.1)
      haml (>= 4.0.6, < 5.0)
      html2haml (>= 1.0.1)
      railties (>= 4.0.1)
    hashie (3.4.2)
    highcharts-rails (4.1.5)
      railties (>= 3.1)
    highline (1.7.2)
    html2haml (2.0.0)
      erubis (~> 2.7.0)
      haml (~> 4.0.0)
      nokogiri (~> 1.6.0)
      ruby_parser (~> 3.5)
    i18n (0.7.0)
    i18n-tasks (0.8.5)
      activesupport
      easy_translate (>= 0.5.0)
      erubis
      highline
      i18n
      term-ansicolor
      terminal-table (>= 1.5.1)
    jquery-rails (4.0.4)
      rails-dom-testing (~> 1.0)
      railties (>= 4.2.0)
      thor (>= 0.14, < 2.0)
    json (1.8.3)
    kaminari (0.16.3)
      actionpack (>= 3.0.0)
      activesupport (>= 3.0.0)
    loofah (2.0.2)
      nokogiri (>= 1.5.9)
    mail (2.6.3)
      mime-types (>= 1.16, < 3)
    mime-types (2.6.1)
    mini_portile (0.6.2)
    minitest (5.7.0)
    multipart-post (2.0.0)
    nokogiri (1.6.6.2)
      mini_portile (~> 0.6.0)
    rack (1.6.4)
    rack-test (0.6.3)
      rack (>= 1.0)
    rails (4.2.2)
      actionmailer (= 4.2.2)
      actionpack (= 4.2.2)
      actionview (= 4.2.2)
      activejob (= 4.2.2)
      activemodel (= 4.2.2)
      activerecord (= 4.2.2)
      activesupport (= 4.2.2)
      bundler (>= 1.3.0, < 2.0)
      railties (= 4.2.2)
      sprockets-rails
    rails-deprecated_sanitizer (1.0.3)
      activesupport (>= 4.2.0.alpha)
    rails-dom-testing (1.0.6)
      activesupport (>= 4.2.0.beta, < 5.0)
      nokogiri (~> 1.6.0)
      rails-deprecated_sanitizer (>= 1.0.1)
    rails-html-sanitizer (1.0.2)
      loofah (~> 2.0)
    railties (4.2.2)
      actionpack (= 4.2.2)
      activesupport (= 4.2.2)
      rake (>= 0.8.7)
      thor (>= 0.18.1, < 2.0)
    rake (10.4.2)
    rspec-core (3.3.1)
      rspec-support (~> 3.3.0)
    rspec-expectations (3.3.0)
      diff-lcs (>= 1.2.0, < 2.0)
      rspec-support (~> 3.3.0)
    rspec-mocks (3.3.1)
      diff-lcs (>= 1.2.0, < 2.0)
      rspec-support (~> 3.3.0)
    rspec-rails (3.3.2)
      actionpack (>= 3.0, < 4.3)
      activesupport (>= 3.0, < 4.3)
      railties (>= 3.0, < 4.3)
      rspec-core (~> 3.3.0)
      rspec-expectations (~> 3.3.0)
      rspec-mocks (~> 3.3.0)
      rspec-support (~> 3.3.0)
    rspec-support (3.3.0)
    rspec_junit_formatter (0.2.3)
      builder (< 4)
      rspec-core (>= 2, < 4, != 2.12.0)
    ruby_parser (3.7.0)
      sexp_processor (~> 4.1)
    safe_yaml (1.0.4)
    sass (3.4.14)
    sass-rails (5.0.3)
      railties (>= 4.0.0, < 5.0)
      sass (~> 3.1)
      sprockets (>= 2.8, < 4.0)
      sprockets-rails (>= 2.0, < 4.0)
      tilt (~> 1.1)
    sexp_processor (4.6.0)
    spring (1.3.6)
    sprockets (3.2.0)
      rack (~> 1.0)
    sprockets-rails (2.3.1)
      actionpack (>= 3.0)
      activesupport (>= 3.0)
      sprockets (>= 2.8, < 4.0)
    sqlite3 (1.3.10)
    term-ansicolor (1.3.2)
      tins (~> 1.0)
    terminal-table (1.5.2)
    thor (0.19.1)
    thread (0.2.0)
    thread_safe (0.3.5)
    tilt (1.4.1)
    tins (1.5.4)
    tzinfo (1.2.2)
      thread_safe (~> 0.1)
    uglifier (2.7.1)
      execjs (>= 0.3.0)
      json (>= 1.8.0)
    webmock (1.21.0)
      addressable (>= 2.3.6)
      crack (>= 0.3.2)
    xpath (2.0.0)
      nokogiri (~> 1.3)

PLATFORMS
  ruby

DEPENDENCIES
  byebug
  capybara-webkit
  chartkick
  coffee-rails (~> 4.1.0)
  faraday
  font-awesome-rails
  foundation-rails
  haml-rails (~> 0.9)
  hashie
  highcharts-rails
  i18n-tasks
  jquery-rails
  json
  kaminari
  rails (= 4.2.2)
  rspec-rails (~> 3.0)
  rspec_junit_formatter
  sass-rails (~> 5.0)
  spring
  sqlite3
  uglifier (>= 1.3.0)
  webmock

BUNDLED WITH
   1.10.4
