GEM
  remote: https://rubygems.org/
  specs:
    actioncable (7.1.0)
      actionpack (= 7.1.0)
      activesupport (= 7.1.0)
      nio4r (~> 2.0)
      websocket-driver (>= 0.6.1)
      zeitwerk (~> 2.6)
    actionmailbox (7.1.0)
      actionpack (= 7.1.0)
      activejob (= 7.1.0)
      activerecord (= 7.1.0)
      activestorage (= 7.1.0)
      activesupport (= 7.1.0)
      mail (>= 2.7.1)
      net-imap
      net-pop
      net-smtp
    actionmailer (7.1.0)
      actionpack (= 7.1.0)
      actionview (= 7.1.0)
      activejob (= 7.1.0)
      activesupport (= 7.1.0)
      mail (~> 2.5, >= 2.5.4)
      net-imap
      net-pop
      net-smtp
      rails-dom-testing (~> 2.2)
    actionpack (7.1.0)
      actionview (= 7.1.0)
      activesupport (= 7.1.0)
      nokogiri (>= 1.8.5)
      rack (>= 2.2.4)
      rack-session (>= 1.0.1)
      rack-test (>= 0.6.3)
      rails-dom-testing (~> 2.2)
      rails-html-sanitizer (~> 1.6)
    actiontext (7.1.0)
      actionpack (= 7.1.0)
      activerecord (= 7.1.0)
      activestorage (= 7.1.0)
      activesupport (= 7.1.0)
      globalid (>= 0.6.0)
      nokogiri (>= 1.8.5)
    actionview (7.1.0)
      activesupport (= 7.1.0)
      builder (~> 3.1)
      erubi (~> 1.11)
      rails-dom-testing (~> 2.2)
      rails-html-sanitizer (~> 1.6)
    activejob (7.1.0)
      activesupport (= 7.1.0)
      globalid (>= 0.3.6)
    activemodel (7.1.0)
      activesupport (= 7.1.0)
    activerecord (7.1.0)
      activemodel (= 7.1.0)
      activesupport (= 7.1.0)
      timeout (>= 0.4.0)
    activestorage (7.1.0)
      actionpack (= 7.1.0)
      activejob (= 7.1.0)
      activerecord (= 7.1.0)
      activesupport (= 7.1.0)
      marcel (~> 1.0)
    activesupport (7.1.0)
      base64
      bigdecimal
      concurrent-ruby (~> 1.0, >= 1.0.2)
      connection_pool (>= 2.2.5)
      drb
      i18n (>= 1.6, < 2)
      minitest (>= 5.1)
      mutex_m
      tzinfo (~> 2.0)
    addressable (2.3.8)
    ast (2.4.2)
    babel-source (5.8.35)
    babel-transpiler (0.7.0)
      babel-source (>= 4.0, < 6)
      execjs (~> 2.0)
    base64 (0.1.1)
    better_html (2.0.2)
      actionview (>= 6.0)
      activesupport (>= 6.0)
      ast (~> 2.0)
      erubi (~> 1.4)
      parser (>= 2.4)
      smart_properties
    bigdecimal (3.1.4)
    builder (3.2.4)
    byebug (5.0.0)
      columnize (= 0.9.0)
    capybara (2.4.4)
      mime-types (>= 1.16)
      nokogiri (>= 1.3.3)
      rack (>= 1.0.0)
      rack-test (>= 0.5.4)
      xpath (~> 2.0)
    capybara-webkit (1.5.2)
      capybara (>= 2.3.0, < 2.5.0)
      json
    chartkick (1.3.2)
    coffee-rails (4.2.2)
      coffee-script (>= 2.2.0)
      railties (>= 4.0.0)
    coffee-script (2.4.1)
      coffee-script-source
      execjs
    coffee-script-source (1.12.2)
    columnize (0.9.0)
    concurrent-ruby (1.2.2)
    connection_pool (2.4.1)
    crack (0.4.2)
      safe_yaml (~> 1.0.0)
    crass (1.0.6)
    date (3.3.3)
    diff-lcs (1.5.0)
    drb (2.1.1)
      ruby2_keywords
    erubi (1.12.0)
    execjs (2.9.1)
    faraday (0.9.1)
      multipart-post (>= 1.2, < 3)
    ffi (1.16.3)
    font-awesome-rails (4.7.0.8)
      railties (>= 3.2, < 8.0)
    foundation-rails (6.6.2.0)
      railties (>= 3.1.0)
      sass (>= 3.3.0)
      sprockets-es6 (>= 0.9.0)
    globalid (1.2.1)
      activesupport (>= 6.1)
    haml (6.2.3)
      temple (>= 0.8.2)
      thor
      tilt
    haml-rails (2.1.0)
      actionpack (>= 5.1)
      activesupport (>= 5.1)
      haml (>= 4.0.6)
      railties (>= 5.1)
    hashie (3.4.2)
    highcharts-rails (6.0.3)
      railties (>= 3.1)
    highline (2.1.0)
    i18n (1.14.1)
      concurrent-ruby (~> 1.0)
    i18n-tasks (1.0.12)
      activesupport (>= 4.0.2)
      ast (>= 2.1.0)
      better_html (>= 1.0, < 3.0)
      erubi
      highline (>= 2.0.0)
      i18n
      parser (>= 2.2.3.0)
      rails-i18n
      rainbow (>= 2.2.2, < 4.0)
      terminal-table (>= 1.5.1)
    io-console (0.6.0)
    irb (1.8.1)
      rdoc
      reline (>= 0.3.8)
    jquery-rails (4.6.0)
      rails-dom-testing (>= 1, < 3)
      railties (>= 4.2.0)
      thor (>= 0.14, < 2.0)
    json (2.6.3)
    kaminari (1.2.2)
      activesupport (>= 4.1.0)
      kaminari-actionview (= 1.2.2)
      kaminari-activerecord (= 1.2.2)
      kaminari-core (= 1.2.2)
    kaminari-actionview (1.2.2)
      actionview
      kaminari-core (= 1.2.2)
    kaminari-activerecord (1.2.2)
      activerecord
      kaminari-core (= 1.2.2)
    kaminari-core (1.2.2)
    loofah (2.21.3)
      crass (~> 1.0.2)
      nokogiri (>= 1.12.0)
    mail (2.8.1)
      mini_mime (>= 0.1.1)
      net-imap
      net-pop
      net-smtp
    marcel (1.0.2)
    mime-types (3.5.1)
      mime-types-data (~> 3.2015)
    mime-types-data (3.2023.1003)
    mini_mime (1.1.5)
    mini_portile2 (2.8.4)
    minitest (5.20.0)
    multipart-post (2.0.0)
    mutex_m (0.1.2)
    net-imap (0.4.0)
      date
      net-protocol
    net-pop (0.1.2)
      net-protocol
    net-protocol (0.2.1)
      timeout
    net-smtp (0.4.0)
      net-protocol
    nio4r (2.5.9)
    nokogiri (1.15.4)
      mini_portile2 (~> 2.8.2)
      racc (~> 1.4)
    parser (3.2.2.4)
      ast (~> 2.4.1)
      racc
    psych (5.1.0)
      stringio
    racc (1.7.1)
    rack (2.2.8)
    rack-session (1.0.1)
      rack (< 3)
    rack-test (2.1.0)
      rack (>= 1.3)
    rackup (1.0.0)
      rack (< 3)
      webrick
    rails (7.1.0)
      actioncable (= 7.1.0)
      actionmailbox (= 7.1.0)
      actionmailer (= 7.1.0)
      actionpack (= 7.1.0)
      actiontext (= 7.1.0)
      actionview (= 7.1.0)
      activejob (= 7.1.0)
      activemodel (= 7.1.0)
      activerecord (= 7.1.0)
      activestorage (= 7.1.0)
      activesupport (= 7.1.0)
      bundler (>= 1.15.0)
      railties (= 7.1.0)
    rails-dom-testing (2.2.0)
      activesupport (>= 5.0.0)
      minitest
      nokogiri (>= 1.6)
    rails-html-sanitizer (1.6.0)
      loofah (~> 2.21)
      nokogiri (~> 1.14)
    rails-i18n (7.0.8)
      i18n (>= 0.7, < 2)
      railties (>= 6.0.0, < 8)
    railties (7.1.0)
      actionpack (= 7.1.0)
      activesupport (= 7.1.0)
      irb
      rackup (>= 1.0.0)
      rake (>= 12.2)
      thor (~> 1.0, >= 1.2.2)
      zeitwerk (~> 2.6)
    rainbow (3.1.1)
    rake (13.0.6)
    rb-fsevent (0.11.2)
    rb-inotify (0.10.1)
      ffi (~> 1.0)
    rdoc (6.5.0)
      psych (>= 4.0.0)
    reline (0.3.9)
      io-console (~> 0.5)
    rspec-core (3.9.3)
      rspec-support (~> 3.9.3)
    rspec-expectations (3.9.4)
      diff-lcs (>= 1.2.0, < 2.0)
      rspec-support (~> 3.9.0)
    rspec-mocks (3.9.1)
      diff-lcs (>= 1.2.0, < 2.0)
      rspec-support (~> 3.9.0)
    rspec-rails (3.9.1)
      actionpack (>= 3.0)
      activesupport (>= 3.0)
      railties (>= 3.0)
      rspec-core (~> 3.9.0)
      rspec-expectations (~> 3.9.0)
      rspec-mocks (~> 3.9.0)
      rspec-support (~> 3.9.0)
    rspec-support (3.9.4)
    rspec_junit_formatter (0.2.3)
      builder (< 4)
      rspec-core (>= 2, < 4, != 2.12.0)
    ruby2_keywords (0.0.5)
    safe_yaml (1.0.4)
    sass (3.7.4)
      sass-listen (~> 4.0.0)
    sass-listen (4.0.0)
      rb-fsevent (~> 0.9, >= 0.9.4)
      rb-inotify (~> 0.9, >= 0.9.7)
    sass-rails (5.1.0)
      railties (>= 5.2.0)
      sass (~> 3.1)
      sprockets (>= 2.8, < 4.0)
      sprockets-rails (>= 2.0, < 4.0)
      tilt (>= 1.1, < 3)
    smart_properties (1.17.0)
    spring (1.3.6)
    sprockets (3.7.2)
      concurrent-ruby (~> 1.0)
      rack (> 1, < 3)
    sprockets-es6 (0.9.2)
      babel-source (>= 5.8.11)
      babel-transpiler
      sprockets (>= 3.0.0)
    sprockets-rails (3.4.2)
      actionpack (>= 5.2)
      activesupport (>= 5.2)
      sprockets (>= 3.0.0)
    sqlite3 (1.3.10)
    stringio (3.0.8)
    temple (0.10.3)
    terminal-table (3.0.2)
      unicode-display_width (>= 1.1.1, < 3)
    thor (1.2.2)
    tilt (2.3.0)
    timeout (0.4.0)
    tzinfo (2.0.6)
      concurrent-ruby (~> 1.0)
    uglifier (2.7.1)
      execjs (>= 0.3.0)
      json (>= 1.8.0)
    unicode-display_width (2.5.0)
    webmock (1.21.0)
      addressable (>= 2.3.6)
      crack (>= 0.3.2)
    webrick (1.8.1)
    websocket-driver (0.7.6)
      websocket-extensions (>= 0.1.0)
    websocket-extensions (0.1.5)
    xpath (2.0.0)
      nokogiri (~> 1.3)
    zeitwerk (2.6.12)

PLATFORMS
  ruby

DEPENDENCIES
  byebug
  capybara-webkit
  chartkick
  coffee-rails (~> 4.2.2)
  faraday
  font-awesome-rails (>= 4.7.0.8)
  foundation-rails (>= 5.5.3.1)
  haml-rails (~> 2.1, >= 2.1.0)
  hashie
  highcharts-rails (>= 4.1.6)
  i18n-tasks (>= 0.9.17)
  jquery-rails (>= 4.0.5)
  json
  kaminari (>= 0.17.0)
  rails (= 7.1.0)
  rspec-rails (~> 3.5, >= 3.5.0)
  rspec_junit_formatter
  sass-rails (~> 5.0, >= 5.0.8)
  spring
  sqlite3
  uglifier (>= 1.3.0)
  webmock

BUNDLED WITH
   1.17.3
