GEM
  remote: https://rubygems.org/
  specs:
    addressable (2.3.8)
    berkshelf (3.3.0)
      addressable (~> 2.3.4)
      berkshelf-api-client (~> 1.2)
      buff-config (~> 1.0)
      buff-extensions (~> 1.0)
      buff-shell_out (~> 0.1)
      celluloid (~> 0.16.0)
      celluloid-io (~> 0.16.1)
      cleanroom (~> 1.0)
      faraday (~> 0.9.0)
      httpclient (~> 2.6.0)
      minitar (~> 0.5.4)
      octokit (~> 3.0)
      retryable (~> 2.0)
      ridley (~> 4.0)
      solve (~> 1.1)
      thor (~> 0.19)
    berkshelf-api-client (1.3.1)
      faraday (~> 0.9.1)
      httpclient (~> 2.6.0)
    buff-config (1.0.1)
      buff-extensions (~> 1.0)
      varia_model (~> 0.4)
    buff-extensions (1.0.0)
    buff-ignore (1.2.0)
    buff-ruby_engine (0.1.0)
    buff-shell_out (0.2.0)
      buff-ruby_engine (~> 0.1.0)
    celluloid (0.16.0)
      timers (~> 4.0.0)
    celluloid-io (0.16.2)
      celluloid (>= 0.16.0)
      nio4r (>= 1.1.0)
    chef (11.8.0)
      chef-zero (~> 1.6, >= 1.6.2)
      diff-lcs (~> 1.2, >= 1.2.4)
      erubis (~> 2.7)
      highline (~> 1.6, >= 1.6.9)
      json (>= 1.4.4, <= 1.7.7)
      mime-types (~> 1.16)
      mixlib-authentication (~> 1.3)
      mixlib-cli (~> 1.3)
      mixlib-config (~> 2.0)
      mixlib-log (~> 1.3)
      mixlib-shellout (~> 1.2)
      net-ssh (~> 2.6)
      net-ssh-multi (~> 1.1.0)
      ohai (~> 6.0)
      pry (~> 0.9)
      puma (~> 1.6)
      rest-client (>= 1.0.4, < 1.7.0)
      yajl-ruby (~> 1.1)
    chef-zero (1.7.2)
      hashie (~> 2.0)
      json
      mixlib-log (~> 1.3)
      moneta (< 0.7.0)
      rack
    chefspec (3.0.2)
      chef (~> 11.0)
      fauxhai (~> 2.0)
      rspec (~> 2.14)
    cleanroom (1.0.0)
    coderay (1.1.0)
    dep-selector-libgecode (1.3.5)
    dep_selector (1.0.6)
      dep-selector-libgecode (~> 1.0)
      ffi (~> 1.9)
    diff-lcs (1.2.5)
    erubis (2.7.0)
    faraday (0.9.2)
      multipart-post (>= 1.2, < 3)
    fauxhai (2.0.1)
      net-ssh
      ohai
    ffi (1.15.5)
    foodcritic (3.0.3)
      erubis
      gherkin (~> 2.11.7)
      nokogiri (~> 1.5.4)
      rake
      treetop (~> 1.4.10)
      yajl-ruby (~> 1.1.0)
    gherkin (2.11.8)
      multi_json (~> 1.3)
    hashie (2.1.2)
    highline (1.6.20)
    hitimes (2.0.0)
    httpclient (2.6.0.1)
    ipaddress (0.8.0)
    json (1.7.7)
    method_source (0.8.2)
    mime-types (1.25.1)
    minitar (0.5.4)
    mixlib-authentication (1.4.2)
    mixlib-cli (1.4.0)
    mixlib-config (2.1.0)
    mixlib-log (1.7.1)
    mixlib-shellout (1.3.0)
    moneta (0.6.0)
    multi_json (1.15.0)
    multipart-post (2.2.3)
    net-ssh (2.9.4)
    net-ssh-gateway (1.2.0)
      net-ssh (>= 2.6.5)
    net-ssh-multi (1.1)
      net-ssh (>= 2.1.4)
      net-ssh-gateway (>= 0.99.0)
    nio4r (2.5.8)
    nokogiri (1.5.11)
    octokit (3.8.0)
      sawyer (~> 0.6.0, >= 0.5.3)
    ohai (6.20.0)
      ipaddress
      mixlib-cli
      mixlib-config
      mixlib-log
      mixlib-shellout
      systemu (~> 2.5.2)
      yajl-ruby
    polyglot (0.3.3)
    pry (0.9.12.4)
      coderay (~> 1.0)
      method_source (~> 0.8)
      slop (~> 3.4)
    puma (1.6.3)
      rack (~> 1.2)
    rack (1.6.13)
    rake (10.1.1)
    rest-client (1.6.7)
      mime-types (>= 1.16)
    retryable (2.0.4)
    ridley (4.4.1)
      addressable
      buff-config (~> 1.0)
      buff-extensions (~> 1.0)
      buff-ignore (~> 1.1)
      buff-shell_out (~> 0.1)
      celluloid (~> 0.16.0)
      celluloid-io (~> 0.16.1)
      erubis
      faraday (~> 0.9.0)
      hashie (>= 2.0.2, < 4.0.0)
      httpclient (~> 2.6)
      json (>= 1.7.7)
      mixlib-authentication (>= 1.3.0)
      retryable (~> 2.0)
      semverse (~> 1.1)
      varia_model (~> 0.4.0)
    rspec (2.14.1)
      rspec-core (~> 2.14.0)
      rspec-expectations (~> 2.14.0)
      rspec-mocks (~> 2.14.0)
    rspec-core (2.14.7)
    rspec-expectations (2.14.4)
      diff-lcs (>= 1.1.3, < 2.0)
    rspec-mocks (2.14.4)
    sawyer (0.6.0)
      addressable (~> 2.3.5)
      faraday (~> 0.8, < 0.10)
    semverse (1.2.1)
    slop (3.4.7)
    solve (1.2.1)
      dep_selector (~> 1.0)
      semverse (~> 1.1)
    systemu (2.5.2)
    thor (0.20.3)
    timers (4.0.4)
      hitimes
    treetop (1.4.15)
      polyglot
      polyglot (>= 0.3.1)
    varia_model (0.4.1)
      buff-extensions (~> 1.0)
      hashie (>= 2.0.2, < 4.0.0)
    yajl-ruby (1.1.0)

PLATFORMS
  ruby

DEPENDENCIES
  berkshelf (~> 3.0, >= 3.0.0)
  chefspec (~> 3.0)
  foodcritic (>= 3.0.3)

BUNDLED WITH
   2.1.4
