GEM
  remote: https://rubygems.org/
  specs:
    activesupport (3.2.16)
      i18n (~> 0.6, >= 0.6.4)
      multi_json (~> 1.0)
    addressable (2.3.5)
    akami (1.2.0)
      gyoku (>= 0.4.0)
      nokogiri (>= 1.4.0)
    berkshelf (2.0.10)
      activesupport (~> 3.2.0)
      addressable (~> 2.3.4)
      buff-shell_out (~> 0.1)
      chozo (>= 0.6.1)
      faraday (>= 0.8.5)
      hashie (>= 2.0.2)
      minitar (~> 0.5.4)
      rbzip2 (~> 0.2.0)
      retryable (~> 1.3.3)
      ridley (~> 1.5.0)
      solve (>= 0.5.0)
      thor (~> 0.18.0)
    buff-config (0.4.0)
      buff-extensions (~> 0.3)
      varia_model (~> 0.1)
    buff-extensions (0.5.0)
    buff-ignore (1.1.1)
    buff-ruby_engine (0.1.0)
    buff-shell_out (0.1.1)
      buff-ruby_engine (~> 0.1.0)
    builder (3.2.2)
    celluloid (0.14.1)
      timers (>= 1.0.0)
    celluloid-io (0.14.1)
      celluloid (>= 0.14.1)
      nio4r (>= 0.4.5)
    chef (11.12.8)
      chef-zero (>= 2.0.2, < 2.1)
      diff-lcs (~> 1.2, >= 1.2.4)
      erubis (~> 2.7)
      highline (~> 1.6, >= 1.6.9)
      json (>= 1.4.4, <= 1.8.1)
      mime-types (~> 1.16)
      mixlib-authentication (~> 1.3)
      mixlib-cli (~> 1.4)
      mixlib-config (~> 2.0)
      mixlib-log (~> 1.3)
      mixlib-shellout (~> 1.4)
      net-ssh (~> 2.6)
      net-ssh-multi (~> 1.1)
      ohai (~> 7.0.4)
      pry (~> 0.9)
      rest-client (>= 1.0.4, < 1.7.0)
      yajl-ruby (~> 1.1)
    chef-zero (2.0.2)
      hashie (~> 2.0)
      json
      mixlib-log (~> 1.3)
      rack
    chefspec (3.4.0)
      chef (~> 11.0)
      fauxhai (~> 2.0)
      rspec (~> 2.14)
    chozo (0.6.1)
      activesupport (>= 3.2.0)
      hashie (>= 2.0.2)
      multi_json (>= 1.3.0)
    coderay (1.1.3)
    diff-lcs (1.5.0)
    erubis (2.7.0)
    faraday (0.8.8)
      multipart-post (~> 1.2.0)
    fauxhai (2.3.0)
      net-ssh
      ohai
    ffi (1.9.3)
    ffi-yajl (2.4.0)
      libyajl2 (>= 1.2)
    foodcritic (16.3.0)
      erubis
      ffi-yajl (~> 2.0)
      nokogiri (>= 1.5, < 2.0)
      rake
      rufus-lru (~> 1.0)
      treetop (~> 1.4)
    gssapi (1.0.3)
      ffi (>= 1.0.1)
    gyoku (1.1.0)
      builder (>= 2.1.2)
    hashie (2.1.2)
    highline (1.7.10)
    httpclient (2.3.4.1)
    httpi (0.9.7)
      rack
    i18n (0.6.9)
    ipaddress (0.8.3)
    json (1.8.1)
    libyajl2 (2.1.0)
    little-plugger (1.1.3)
    logging (1.8.1)
      little-plugger (>= 1.1.3)
      multi_json (>= 1.3.6)
    method_source (1.0.0)
    mime-types (1.25.1)
    mini_portile2 (2.8.0)
    minitar (0.5.4)
    mixlib-authentication (1.4.2)
    mixlib-cli (1.7.0)
    mixlib-config (2.2.18)
      tomlrb
    mixlib-log (1.7.1)
    mixlib-shellout (1.6.1)
    multi_json (1.15.0)
    multipart-post (1.2.0)
    net-http-persistent (2.9)
    net-ssh (2.9.4)
    net-ssh-gateway (1.3.0)
      net-ssh (>= 2.6.5)
    net-ssh-multi (1.2.1)
      net-ssh (>= 2.6.5)
      net-ssh-gateway (>= 1.2.0)
    nio4r (0.5.0)
    nokogiri (1.13.3)
      mini_portile2 (~> 2.8.0)
      racc (~> 1.4)
    nori (1.1.5)
    ohai (7.0.4)
      ipaddress
      mime-types (~> 1.16)
      mixlib-cli
      mixlib-config (~> 2.0)
      mixlib-log
      mixlib-shellout (~> 1.2)
      systemu (~> 2.5.2)
      yajl-ruby
    polyglot (0.3.5)
    pry (0.14.1)
      coderay (~> 1.1)
      method_source (~> 1.0)
    racc (1.6.0)
    rack (2.2.3)
    rake (13.0.6)
    rbzip2 (0.2.0)
    rest-client (1.6.14)
      mime-types (~> 1.16)
    retryable (1.3.3)
    ridley (1.5.3)
      addressable
      buff-config (~> 0.2)
      buff-extensions (~> 0.3)
      buff-ignore (~> 1.1)
      buff-shell_out (~> 0.1)
      celluloid (~> 0.14.0)
      celluloid-io (~> 0.14.0)
      erubis
      faraday (>= 0.8.4)
      hashie (>= 2.0.2)
      json (>= 1.7.7)
      mixlib-authentication (>= 1.3.0)
      net-http-persistent (>= 2.8)
      net-ssh
      nio4r (>= 0.5.0)
      retryable
      solve (>= 0.4.4)
      varia_model (~> 0.1)
      winrm (~> 1.1.0)
    rspec (2.99.0)
      rspec-core (~> 2.99.0)
      rspec-expectations (~> 2.99.0)
      rspec-mocks (~> 2.99.0)
    rspec-core (2.99.2)
    rspec-expectations (2.99.2)
      diff-lcs (>= 1.1.3, < 2.0)
    rspec-mocks (2.99.4)
    rubyntlm (0.1.1)
    rufus-lru (1.1.0)
    savon (0.9.5)
      akami (~> 1.0)
      builder (>= 2.1.2)
      gyoku (>= 0.4.0)
      httpi (~> 0.9)
      nokogiri (>= 1.4.0)
      nori (~> 1.0)
      wasabi (~> 1.0)
    solve (0.8.2)
    systemu (2.5.2)
    thor (0.18.1)
    timers (1.1.0)
    tomlrb (2.0.1)
    treetop (1.6.11)
      polyglot (~> 0.3)
    uuidtools (2.1.4)
    varia_model (0.2.0)
      buff-extensions (~> 0.2)
      hashie (>= 2.0.2)
    wasabi (1.0.0)
      nokogiri (>= 1.4.0)
    winrm (1.1.3)
      gssapi (~> 1.0.0)
      httpclient (~> 2.2, >= 2.2.0.2)
      logging (~> 1.6, >= 1.6.1)
      nokogiri (~> 1.5)
      rubyntlm (~> 0.1.1)
      savon (= 0.9.5)
      uuidtools (~> 2.1.2)
    yajl-ruby (1.4.2)

PLATFORMS
  ruby

DEPENDENCIES
  berkshelf (~> 2.0)
  chefspec (~> 3.0, >= 3.0.2)
  foodcritic (>= 4.0.0)

BUNDLED WITH
   2.1.4
